GEM
  remote: https://rubygems.org/
  specs:
    actionmailer (3.2.12)
      actionpack (= 3.2.12)
      mail (~> 2.4.4)
    actionpack (3.2.12)
      activemodel (= 3.2.12)
      activesupport (= 3.2.12)
      builder (~> 3.0.0)
      erubis (~> 2.7.0)
      journey (~> 1.0.4)
      rack (~> 1.4.5)
      rack-cache (~> 1.2)
      rack-test (~> 0.6.1)
      sprockets (~> 2.2.1)
    activemodel (3.2.12)
      activesupport (= 3.2.12)
      builder (~> 3.0.0)
    activerecord (3.2.12)
      activemodel (= 3.2.12)
      activesupport (= 3.2.12)
      arel (~> 3.0.2)
      tzinfo (~> 0.3.29)
    activerecord-jdbc-adapter (1.3.21)
      activerecord (>= 2.2)
    activerecord-jdbcpostgresql-adapter (1.3.21)
      activerecord-jdbc-adapter (~> 1.3.21)
      jdbc-postgres (>= 9.1)
    activeresource (3.2.12)
      activemodel (= 3.2.12)
      activesupport (= 3.2.12)
    activesupport (3.2.12)
      i18n (~> 0.6)
      multi_json (~> 1.0)
    annotate (2.5.0)
      rake
    arel (3.0.3)
    autoprefixer-rails (6.5.1)
      execjs
    bcrypt-ruby (3.0.1-java)
    blankslate (2.1.2.4)
    bootstrap-sass (3.3.7)
      autoprefixer-rails (>= 5.2.1)
      sass (>= 3.3.4)
    bourbon (4.2.7)
      sass (~> 3.4)
      thor (~> 0.19)
    builder (3.0.4)
    coffee-rails (3.2.2)
      coffee-script (>= 2.2.0)
      railties (~> 3.2.0)
    coffee-script (2.4.1)
      coffee-script-source
      execjs
    coffee-script-source (1.10.0)
    diff-lcs (1.2.5)
    docile (1.1.5)
    edn (1.0.3)
      parslet (~> 1.4.0)
    erubis (2.7.0)
    execjs (2.7.0)
    ffi (1.9.14-java)
    ffi-rzmq (2.0.4)
      ffi-rzmq-core (>= 1.0.1)
    ffi-rzmq-core (1.0.5)
      ffi
    gem-licenses (0.2.1)
    hike (1.2.3)
    httpclient (2.3.4.1)
    i18n (0.7.0)
    jdbc-postgres (9.4.1206)
    jdbc-postgresql (9.2.1000)
    journey (1.0.4)
    jquery-rails (3.0.4)
      railties (>= 3.0, < 5.0)
      thor (>= 0.14, < 2.0)
    jquery-ui-rails (4.0.3)
      jquery-rails
      railties (>= 3.1.0)
    jruby-jars (9.1.5.0)
    jruby-rack (1.1.20)
    json (1.8.3-java)
    mail (2.4.4)
      i18n (>= 0.4.0)
      mime-types (~> 1.16)
      treetop (~> 1.4.8)
    metaclass (0.0.4)
    mime-types (1.25.1)
    mocha (1.1.0)
      metaclass (~> 0.0.1)
    multi_json (1.12.1)
    parslet (1.4.0)
      blankslate (~> 2.0)
    polyglot (0.3.5)
    power_assert (0.3.1)
    rack (1.4.7)
    rack-cache (1.6.1)
      rack (>= 0.4)
    rack-ssl (1.3.4)
      rack
    rack-test (0.6.3)
      rack (>= 1.0)
    rails (3.2.12)
      actionmailer (= 3.2.12)
      actionpack (= 3.2.12)
      activerecord (= 3.2.12)
      activeresource (= 3.2.12)
      activesupport (= 3.2.12)
      bundler (~> 1.0)
      railties (= 3.2.12)
    railties (3.2.12)
      actionpack (= 3.2.12)
      activesupport (= 3.2.12)
      rack-ssl (~> 1.3.2)
      rake (>= 0.8.7)
      rdoc (~> 3.4)
      thor (>= 0.14.6, < 2.0)
    rake (11.3.0)
    rdoc (3.12.2)
      json (~> 1.4)
    rspec (3.5.0)
      rspec-core (~> 3.5.0)
      rspec-expectations (~> 3.5.0)
      rspec-mocks (~> 3.5.0)
    rspec-core (3.5.4)
      rspec-support (~> 3.5.0)
    rspec-expectations (3.5.0)
      diff-lcs (>= 1.2.0, < 2.0)
      rspec-support (~> 3.5.0)
    rspec-mocks (3.5.0)
      diff-lcs (>= 1.2.0, < 2.0)
      rspec-support (~> 3.5.0)
    rspec-rails (3.5.2)
      actionpack (>= 3.0)
      activesupport (>= 3.0)
      railties (>= 3.0)
      rspec-core (~> 3.5.0)
      rspec-expectations (~> 3.5.0)
      rspec-mocks (~> 3.5.0)
      rspec-support (~> 3.5.0)
    rspec-support (3.5.0)
    rubyzip (0.9.9)
    sass (3.4.22)
    sass-rails (3.2.6)
      railties (~> 3.2.0)
      sass (>= 3.1.10)
      tilt (~> 1.3)
    simplecov (0.9.2)
      docile (~> 1.1.0)
      multi_json (~> 1.0)
      simplecov-html (~> 0.9.0)
    simplecov-html (0.9.0)
    spork (1.0.0rc4)
    spork-testunit (0.0.8)
      spork (>= 0.6.0)
    sprockets (2.2.3)
      hike (~> 1.2)
      multi_json (~> 1.0)
      rack (~> 1.0)
      tilt (~> 1.1, != 1.3.0)
    test-unit (3.2.1)
      power_assert
    therubyrhino (2.0.2)
      therubyrhino_jar (>= 1.7.3)
    therubyrhino_jar (1.7.6)
    thor (0.19.1)
    tilt (1.4.1)
    torquebox (3.2.1)
      thor (>= 0.14.6)
      torquebox-cache (= 3.2.1)
      torquebox-configure (= 3.2.1)
      torquebox-core (= 3.2.1)
      torquebox-messaging (= 3.2.1)
      torquebox-naming (= 3.2.1)
      torquebox-rake-support (= 3.2.1)
      torquebox-security (= 3.2.1)
      torquebox-stomp (= 3.2.1)
      torquebox-transactions (= 3.2.1)
      torquebox-web (= 3.2.1)
    torquebox-cache (3.2.1-java)
      torquebox-core (= 3.2.1)
      torquebox-transactions (= 3.2.1)
    torquebox-configure (3.2.1-java)
      blankslate (= 2.1.2.4)
    torquebox-core (3.2.1-java)
      edn (= 1.0.3)
    torquebox-messaging (3.2.1-java)
      torquebox-core (= 3.2.1)
      torquebox-transactions (= 3.2.1)
    torquebox-naming (3.2.1-java)
      torquebox-core (= 3.2.1)
    torquebox-rake-support (3.2.1)
      rake (>= 0.8.7)
    torquebox-security (3.2.1-java)
      torquebox-core (= 3.2.1)
    torquebox-stomp (3.2.1)
      torquebox-core (= 3.2.1)
      torquebox-messaging (= 3.2.1)
    torquebox-transactions (3.2.1)
      torquebox-core (= 3.2.1)
    torquebox-web (3.2.1-java)
    treetop (1.4.15)
      polyglot
      polyglot (>= 0.3.1)
    tzinfo (0.3.51)
    uglifier (3.0.2)
      execjs (>= 0.3.0, < 3)
    warbler (1.4.0.beta1)
      jruby-jars (>= 1.5.6)
      jruby-rack (>= 1.0.0)
      rake (>= 0.9.6)
      rubyzip (~> 0.9)

PLATFORMS
  java

DEPENDENCIES
  activerecord-jdbcpostgresql-adapter (~> 1.3.21)
  annotate (= 2.5.0)
  bcrypt-ruby (= 3.0.1)
  bootstrap-sass
  bourbon
  coffee-rails (~> 3.2.1)
  ffi-rzmq (~> 2.0, >= 2.0.4)
  gem-licenses
  httpclient (~> 2.3.4.1)
  jdbc-postgresql (= 9.2.1000)
  jquery-rails (= 3.0.4)
  jquery-ui-rails (= 4.0.3)
  mocha (~> 1.1.0)
  rails (= 3.2.12)
  rspec
  rspec-rails
  sass-rails (~> 3.2.3)
  simplecov (~> 0.9.0)
  spork (~> 1.0rc)
  spork-testunit
  test-unit
  therubyrhino (= 2.0.2)
  torquebox (~> 3.2.1)
  uglifier (>= 1.0.3)
  warbler (= 1.4.0.beta1)

BUNDLED WITH
   1.13.2
